PATH
  remote: .
  specs:
    get_weather (0.1.0)

GEM
  remote: https://rubygems.org/
  specs:
    faraday (1.3.0)
      faraday-net_http (~> 1.0)
      multipart-post (>= 1.2, < 3)
      ruby2_keywords
    faraday-net_http (1.0.1)
    minitest (5.14.3)
    multipart-post (2.1.1)
    rake (13.0.3)
    ruby2_keywords (0.0.4)

PLATFORMS
  x86_64-linux

DEPENDENCIES
  faraday (~> 1.3)
  get_weather!
  minitest (~> 5.0)
  rake (~> 13.0)

BUNDLED WITH
   2.2.3
